GEM
  remote: https://rubygems.org/
  specs:
    bootstrap-sass (3.1.1.1)
      sass (~> 3.2)
    diff-lcs (1.2.5)
    docile (1.1.3)
    font-awesome-sass (4.0.3.1)
      sass (~> 3.2)
    haml (4.0.5)
      tilt
    jsmin (1.0.1)
    multi_json (1.10.0)
    rack (1.5.2)
    rack-protection (1.5.3)
      rack
    rack-test (0.6.2)
      rack (>= 1.0)
    rspec (2.14.1)
      rspec-core (~> 2.14.0)
      rspec-expectations (~> 2.14.0)
      rspec-mocks (~> 2.14.0)
    rspec-core (2.14.8)
    rspec-expectations (2.14.5)
      diff-lcs (>= 1.1.3, < 2.0)
    rspec-mocks (2.14.6)
    sass (3.3.7)
    simplecov (0.8.2)
      docile (~> 1.1.0)
      multi_json
      simplecov-html (~> 0.8.0)
    simplecov-html (0.8.0)
    sinatra (1.4.5)
      rack (~> 1.4)
      rack-protection (~> 1.4)
      tilt (~> 1.3, >= 1.3.4)
    sinatra-assetpack (0.3.3)
      jsmin
      rack-test
      sinatra
      tilt (>= 1.3.0, < 2.0)
    tilt (1.4.1)

PLATFORMS
  ruby

DEPENDENCIES
  bootstrap-sass
  font-awesome-sass
  haml
  rspec
  simplecov
  sinatra
  sinatra-assetpack
